GEM
  remote: https://rubygems.org/
  specs:
    bson (4.1.1)
    bson_ext (1.5.1)
    daemons (1.1.8)
    em-mongo (0.5.0)
      bson (>= 1.1.3)
      eventmachine (>= 0.12.10)
    em-websocket (0.5.1)
      eventmachine (>= 0.12.9)
      http_parser.rb (~> 0.6.0)
    eventmachine (1.2.0.1)
    http_parser.rb (0.6.0)
    iconv (1.0.4)
    mongo (2.3.0)
      bson (~> 4.1)
    oauth (0.5.1)
    rack (2.2.8.1)
    trollop (2.1.2)

PLATFORMS
  ruby

DEPENDENCIES
  bson_ext
  daemons (= 1.1.8)
  em-mongo (= 0.5.0)
  em-websocket (= 0.5.1)
  iconv
  mongo (= 2.3.0)
  oauth (= 0.5.1)
  rack (= 2.2.8.1)
  trollop

BUNDLED WITH
   1.13.1
